GEM
  remote: https://rubygems.org/
  specs:
    eventmachine (1.2.0.1)
    little-plugger (1.1.4)
    logging (2.1.0)
      little-plugger (~> 1.1)
      multi_json (~> 1.10)
    multi_json (1.12.1)
    puma (3.4.0)

PLATFORMS
  ruby

DEPENDENCIES
  eventmachine
  logging
  puma

BUNDLED WITH
   1.12.1
